GEM
  remote: https://rubygems.org/
  specs:
    bowler (1.0.0)
      foreman (>= 0.35.0)
    dotenv (0.9.0)
    foreman (0.63.0)
      dotenv (>= 0.7)
      thor (>= 0.13.6)
    thor (0.18.1)

PLATFORMS
  ruby

DEPENDENCIES
  bowler (= 1.0.0)
  foreman (= 0.63.0)
